GEM
  remote: https://rubygems.org/
  specs:
    faraday (0.15.4)
      multipart-post (>= 1.2, < 3)
    multipart-post (2.1.1)
    sqlite3 (1.4.1)

PLATFORMS
  ruby

DEPENDENCIES
  faraday
  sqlite3

BUNDLED WITH
   2.0.2
